GEM
  remote: https://rubygems.org/
  specs:
    diff-lcs (1.6.2)
    rake (13.2.1)
    rspec (3.13.1)
      rspec-core (~> 3.13.0)
      rspec-expectations (~> 3.13.0)
      rspec-mocks (~> 3.13.0)
    rspec-core (3.13.4)
      rspec-support (~> 3.13.0)
    rspec-expectations (3.13.5)
      diff-lcs (>= 1.2.0, < 2.0)
      rspec-support (~> 3.13.0)
    rspec-mocks (3.13.5)
      diff-lcs (>= 1.2.0, < 2.0)
      rspec-support (~> 3.13.0)
    rspec-support (3.13.4)

PLATFORMS
  x86_64-darwin-19
  x86_64-linux

DEPENDENCIES
  rake (~> 13.2)
  rspec (~> 3.13)

BUNDLED WITH
   2.3.20
